GIT
  remote: git://github.com/jvaill/sprockets.git
  revision: 6327a13e77609991509c8cf3d3c1e571f6a4b23d
  branch: master
  specs:
    sprockets (2.9.2)
      hike (~> 1.2)
      multi_json (~> 1.0)
      rack (~> 1.0)
      tilt (~> 1.1, != 1.3.0)

GIT
  remote: git://github.com/jvatic/fontcustom.git
  revision: b6e2c8224877d7007f4123650e996d117e3b8f02
  branch: custom
  specs:
    fontcustom (1.3.2)
      json (~> 1.4)
      listen (~> 1.0)
      thor (~> 0.14)

GIT
  remote: git://github.com/jvatic/react-jsx-sprockets.git
  revision: c4fc698df52e7ca0634fb49de27f917272f89a31
  branch: master
  specs:
    react-jsx-sprockets (0.0.3)
      execjs (>= 1.2.9)
      sprockets (>= 2.0.3)
      tilt (>= 1.3.3)
      yajl-ruby

GEM
  remote: https://rubygems.org/
  specs:
    execjs (2.0.2)
    ffi (1.9.3)
    hike (1.2.3)
    json (1.8.1)
    listen (1.3.1)
      rb-fsevent (>= 0.9.3)
      rb-inotify (>= 0.9)
      rb-kqueue (>= 0.2)
    multi_json (1.8.4)
    rack (1.5.2)
    rainpress (1.0)
    rake (10.1.1)
    rb-fsevent (0.9.4)
    rb-inotify (0.9.3)
      ffi (>= 0.5.0)
    rb-kqueue (0.2.0)
      ffi (>= 0.5.0)
    sass (3.2.14)
    sprockets-helpers (1.0.1)
      sprockets (~> 2.0)
    sprockets-rainpress (0.0.1)
      rainpress
      sprockets
    sprockets-sass (1.0.2)
      sprockets (~> 2.0)
      tilt (~> 1.1)
    thor (0.18.1)
    tilt (1.4.1)
    uglifier (2.4.0)
      execjs (>= 0.3.0)
      json (>= 1.8.0)
    yajl-ruby (1.2.0)

PLATFORMS
  ruby

DEPENDENCIES
  fontcustom!
  rack
  rake
  react-jsx-sprockets!
  sass
  sprockets!
  sprockets-helpers
  sprockets-rainpress
  sprockets-sass
  uglifier
